GIT
  remote: git://github.com/queirozfcom/jekyll-tagging.git
  revision: ed09d3d7b6590d242fe8b57948881567cb000f0e
  branch: master
  specs:
    jekyll-tagging (1.0.1)
      ruby-nuggets

GEM
  remote: https://rubygems.org/
  specs:
    colorator (0.1)
    dotenv (2.1.0)
    ffi (1.9.10)
    jekyll (3.1.1)
      colorator (~> 0.1)
      jekyll-sass-converter (~> 1.0)
      jekyll-watch (~> 1.1)
      kramdown (~> 1.3)
      liquid (~> 3.0)
      mercenary (~> 0.3.3)
      rouge (~> 1.7)
      safe_yaml (~> 1.0)
    jekyll-angular (0.1.1)
      jekyll (>= 2)
    jekyll-compose (0.4.1)
      jekyll (>= 2.5.0)
    jekyll-paginate (1.1.0)
    jekyll-sass-converter (1.4.0)
      sass (~> 3.4)
    jekyll-seo-tag (1.0.0)
      jekyll (>= 2.0)
    jekyll-watch (1.3.1)
      listen (~> 3.0)
    kramdown (1.9.0)
    liquid (3.0.6)
    listen (3.0.5)
      rb-fsevent (>= 0.9.3)
      rb-inotify (>= 0.9)
    mercenary (0.3.5)
    nuggets (1.0.0)
    rainbow (2.1.0)
    rake (10.5.0)
    rb-fsevent (0.9.7)
    rb-inotify (0.9.5)
      ffi (>= 0.5.0)
    redcarpet (3.3.4)
    rouge (1.10.1)
    ruby-nuggets (1.0.0)
      nuggets (= 1.0.0)
    safe_yaml (1.0.4)
    sass (3.4.21)

PLATFORMS
  ruby

DEPENDENCIES
  dotenv
  jekyll
  jekyll-angular
  jekyll-compose
  jekyll-paginate
  jekyll-seo-tag
  jekyll-tagging!
  rainbow
  rake
  redcarpet
  rouge

BUNDLED WITH
   1.11.2
